GEM
  remote: https://rubygems.org/
  specs:
    chroma (0.2.0)
    csv (3.1.9)
    fileutils (1.5.0)
    kramdown (2.3.0)
      rexml
    pdf-core (0.9.0)
    prawn (2.4.0)
      pdf-core (~> 0.9.0)
      ttfunk (~> 1.7)
    rexml (3.2.4)
    ttfunk (1.7.0)

PLATFORMS
  ruby

DEPENDENCIES
  chroma
  csv
  fileutils
  kramdown
  prawn

BUNDLED WITH
   2.1.4
